PATH
  remote: .
  specs:
    http_stub (0.0.2)
      sinatra (~> 1.3.4)

GEM
  remote: http://rubygems.org/
  specs:
    configatron (2.10.0)
      yamler (>= 0.1.0)
    cover_me (1.2.0)
      configatron
      hashie
    diff-lcs (1.1.3)
    flog (3.2.2)
      ruby_parser (~> 3.1, > 3.1.0)
      sexp_processor (~> 4.0)
    hashie (1.2.0)
    hashr (0.0.22)
    rack (1.5.2)
    rack-protection (1.3.2)
      rack
    rack-test (0.6.2)
      rack (>= 1.0)
    rake (10.0.3)
    rspec (2.12.0)
      rspec-core (~> 2.12.0)
      rspec-expectations (~> 2.12.0)
      rspec-mocks (~> 2.12.0)
    rspec-core (2.12.2)
    rspec-expectations (2.12.1)
      diff-lcs (~> 1.1.3)
    rspec-mocks (2.12.2)
    ruby_parser (3.1.1)
      sexp_processor (~> 4.1)
    sexp_processor (4.1.4)
    sinatra (1.3.4)
      rack (~> 1.4)
      rack-protection (~> 1.3)
      tilt (~> 1.3, >= 1.3.3)
    tilt (1.3.3)
    travis-lint (1.6.0)
      hashr (~> 0.0.22)
    yamler (0.1.0)

PLATFORMS
  ruby

DEPENDENCIES
  cover_me (~> 1.2.0)
  flog (~> 3.2.2)
  http_stub!
  rack-test (~> 0.6.2)
  rake (~> 10.0.3)
  rspec (~> 2.12)
  travis-lint (~> 1.6.0)
