PATH
  remote: .
  specs:
    http_stub (0.2.1)
      haml (~> 4.0.0)
      sass (~> 3.2.6)
      sinatra (~> 1.3.4)
      sinatra-partial (~> 0.4.0)

GEM
  remote: http://rubygems.org/
  specs:
    diff-lcs (1.1.3)
    flog (3.2.2)
      ruby_parser (~> 3.1, > 3.1.0)
      sexp_processor (~> 4.0)
    haml (4.0.0)
      tilt
    hashr (0.0.22)
    multi_json (1.6.1)
    nokogiri (1.5.6)
    rack (1.5.2)
    rack-protection (1.3.2)
      rack
    rack-test (0.6.2)
      rack (>= 1.0)
    rake (10.0.3)
    rspec (2.12.0)
      rspec-core (~> 2.12.0)
      rspec-expectations (~> 2.12.0)
      rspec-mocks (~> 2.12.0)
    rspec-core (2.12.2)
    rspec-expectations (2.12.1)
      diff-lcs (~> 1.1.3)
    rspec-mocks (2.12.2)
    ruby_parser (3.1.1)
      sexp_processor (~> 4.1)
    sass (3.2.6)
    sexp_processor (4.1.4)
    simplecov (0.7.1)
      multi_json (~> 1.0)
      simplecov-html (~> 0.7.1)
    simplecov-html (0.7.1)
    sinatra (1.3.5)
      rack (~> 1.4)
      rack-protection (~> 1.3)
      tilt (~> 1.3, >= 1.3.3)
    sinatra-partial (0.4.0)
      sinatra
    tilt (1.3.3)
    travis-lint (1.6.0)
      hashr (~> 0.0.22)

PLATFORMS
  ruby

DEPENDENCIES
  flog (~> 3.2.2)
  http_stub!
  nokogiri (~> 1.5.6)
  rack-test (~> 0.6.2)
  rake (~> 10.0.3)
  rspec (~> 2.12)
  simplecov (~> 0.7.1)
  travis-lint (~> 1.6.0)
